GEM
  remote: https://rubygems.org/
  specs:
    eventmachine (1.0.1)
    json (1.7.7)

PLATFORMS
  ruby

DEPENDENCIES
  eventmachine
  json
